GEM
  remote: https://rubygems.org/
  specs:
    addressable (2.5.2)
      public_suffix (>= 2.0.2, < 4.0)
    coderay (1.1.2)
    httparty (0.15.6)
      multi_xml (>= 0.5.2)
    json (2.1.0)
    method_source (0.9.0)
    multi_xml (0.6.0)
    pry (0.11.1)
      coderay (~> 1.1.0)
      method_source (~> 0.9.0)
    public_suffix (3.0.0)
    wunderground (1.2.0)
      addressable
      httparty (> 0.6.0)
      json (> 1.4.0)

PLATFORMS
  ruby

DEPENDENCIES
  pry
  wunderground

BUNDLED WITH
   1.15.4
